GEM
  remote: http://rubygems.org/
  specs:
    aws-s3 (0.6.2)
      builder
      mime-types
      xml-simple
    bson (1.2.4)
    builder (3.0.0)
    carrot (0.8.1)
    json (1.4.6)
    mime-types (1.18)
    mongo (1.2.4)
      bson (>= 1.2.4)
    mysql2 (0.3.2)
    pg (0.11.0)
    rack (1.2.2)
    redis (2.2.0)
    sinatra (1.2.6)
      rack (~> 1.1)
      tilt (>= 1.2.2, < 2.0)
    tilt (1.3)
    xml-simple (1.1.1)

PLATFORMS
  ruby

DEPENDENCIES
  aws-s3
  carrot
  json
  mongo
  mysql2
  pg
  redis
  sinatra
